PATH
  remote: .
  specs:
    dummy_oscar (0.1.1)
      httpparty
      puma

GEM
  remote: https://rubygems.org/
  specs:
    debug (1.9.1)
      irb (~> 1.10)
      reline (>= 0.3.8)
    httparty (0.21.0)
      mini_mime (>= 1.0.0)
      multi_xml (>= 0.5.2)
    httpparty (0.2.0)
      httparty (> 0)
    io-console (0.7.2)
    irb (1.11.2)
      rdoc
      reline (>= 0.4.2)
    mini_mime (1.1.5)
    minitest (5.22.2)
    minitest-hooks (1.5.1)
      minitest (> 5.3)
    multi_xml (0.6.0)
    nio4r (2.7.0)
    psych (5.1.2)
      stringio
    puma (6.4.2)
      nio4r (~> 2.0)
    rake (13.1.0)
    rdoc (6.6.3.1)
      psych (>= 4.0.0)
    reline (0.4.3)
      io-console (~> 0.5)
    stringio (3.1.0)

PLATFORMS
  x86_64-linux

DEPENDENCIES
  debug
  dummy_oscar!
  minitest (~> 5.0)
  minitest-hooks
  rake (~> 13.0)

BUNDLED WITH
   2.4.22
